GEM
  remote: https://rubygems.org/
  specs:
    net-ssh (5.2.0)

PLATFORMS
  ruby

DEPENDENCIES
  net-ssh

BUNDLED WITH
   2.1.4
